GEM
  remote: http://rubygems.org/
  specs:
    ffi (1.0.6)
      rake (>= 0.8.7)
    git (1.2.5)
    jeweler (1.5.2)
      bundler (~> 1.0.0)
      git (>= 1.2.5)
      rake
    libnotify (0.2.0)
      ffi (>= 0.6.2)
    rake (0.8.7)
    riot (0.11.4)
      rr
      term-ansicolor
    riot_notifier (0.3.0)
      riot (~> 0.11.0)
    rr (1.0.2)
    term-ansicolor (1.0.5)

PLATFORMS
  ruby

DEPENDENCIES
  jeweler
  libnotify (~> 0.2.0)
  riot (~> 0.11.0)
  riot_notifier
